GEM
  remote: https://rubygems.org/
  specs:
    configatron (4.5.1)
    rake (12.3.2)
    rake-funnel (0.22.3)
      configatron (~> 4.5)
      rake (>= 10.4, < 13)
      rubyzip (~> 1.0)
      smart_colored
    rubyzip (1.3.0)
    smart_colored (1.1.1)

PLATFORMS
  ruby
  x64-mingw32
  x86-mingw32

DEPENDENCIES
  rake-funnel

BUNDLED WITH
   1.17.2
