GEM
  remote: https://rubygems.org/
  specs:
    configatron (4.5.1)
    rake (13.0.6)
    rake-funnel (0.24.0)
      configatron (~> 4.5)
      rake (>= 10.4, < 14)
      rubyzip (>= 1.3.0, < 3)
      smart_colored
    rubyzip (2.3.2)
    smart_colored (1.1.1)

PLATFORMS
  ruby
  x64-mingw32
  x86-mingw32

DEPENDENCIES
  rake-funnel

BUNDLED WITH
   2.3.3
