RESTRICTION: == net8.0
NUGET
  remote: https://api.nuget.org/v3/index.json
    Microsoft.AspNetCore.Authentication.Abstractions (2.2)
      Microsoft.AspNetCore.Http.Abstractions (>= 2.2)
      Microsoft.Extensions.Logging.Abstractions (>= 2.2)
      Microsoft.Extensions.Options (>= 2.2)
    Microsoft.AspNetCore.Authorization (8.0.7)
      Microsoft.AspNetCore.Metadata (>= 8.0.7)
      Microsoft.Extensions.Logging.Abstractions (>= 8.0.1)
      Microsoft.Extensions.Options (>= 8.0.2)
    Microsoft.AspNetCore.Authorization.Policy (2.2)
      Microsoft.AspNetCore.Authentication.Abstractions (>= 2.2)
      Microsoft.AspNetCore.Authorization (>= 2.2)
    Microsoft.AspNetCore.Connections.Abstractions (8.0.7)
      Microsoft.Extensions.Features (>= 8.0.7)
      System.IO.Pipelines (>= 8.0)
    Microsoft.AspNetCore.Hosting.Abstractions (2.2)
      Microsoft.AspNetCore.Hosting.Server.Abstractions (>= 2.2)
      Microsoft.AspNetCore.Http.Abstractions (>= 2.2)
      Microsoft.Extensions.Hosting.Abstractions (>= 2.2)
    Microsoft.AspNetCore.Hosting.Server.Abstractions (2.2)
      Microsoft.AspNetCore.Http.Features (>= 2.2)
      Microsoft.Extensions.Configuration.Abstractions (>= 2.2)
    Microsoft.AspNetCore.Http (2.2.2)
      Microsoft.AspNetCore.Http.Abstractions (>= 2.2)
      Microsoft.AspNetCore.WebUtilities (>= 2.2)
      Microsoft.Extensions.ObjectPool (>= 2.2)
      Microsoft.Extensions.Options (>= 2.2)
      Microsoft.Net.Http.Headers (>= 2.2)
    Microsoft.AspNetCore.Http.Abstractions (2.2)
      Microsoft.AspNetCore.Http.Features (>= 2.2)
      System.Text.Encodings.Web (>= 4.5)
    Microsoft.AspNetCore.Http.Connections (1.1)
      Microsoft.AspNetCore.Authorization.Policy (>= 2.2)
      Microsoft.AspNetCore.Hosting.Abstractions (>= 2.2)
      Microsoft.AspNetCore.Http (>= 2.2)
      Microsoft.AspNetCore.Http.Connections.Common (>= 1.1)
      Microsoft.AspNetCore.Routing (>= 2.2)
      Microsoft.AspNetCore.WebSockets (>= 2.2)
      Newtonsoft.Json (>= 11.0.2)
      System.Security.Principal.Windows (>= 4.5)
    Microsoft.AspNetCore.Http.Connections.Client (8.0.7)
      Microsoft.AspNetCore.Http.Connections.Common (>= 8.0.7)
      Microsoft.Extensions.Logging.Abstractions (>= 8.0.1)
      Microsoft.Extensions.Options (>= 8.0.2)
    Microsoft.AspNetCore.Http.Connections.Common (8.0.7)
      Microsoft.AspNetCore.Connections.Abstractions (>= 8.0.7)
    Microsoft.AspNetCore.Http.Extensions (2.2)
      Microsoft.AspNetCore.Http.Abstractions (>= 2.2)
      Microsoft.Extensions.FileProviders.Abstractions (>= 2.2)
      Microsoft.Net.Http.Headers (>= 2.2)
      System.Buffers (>= 4.5)
    Microsoft.AspNetCore.Http.Features (5.0.17)
      Microsoft.Extensions.Primitives (>= 5.0.1)
      System.IO.Pipelines (>= 5.0.2)
    Microsoft.AspNetCore.Metadata (8.0.7)
    Microsoft.AspNetCore.Routing (2.2.2)
      Microsoft.AspNetCore.Http.Extensions (>= 2.2)
      Microsoft.AspNetCore.Routing.Abstractions (>= 2.2)
      Microsoft.Extensions.Logging.Abstractions (>= 2.2)
      Microsoft.Extensions.ObjectPool (>= 2.2)
      Microsoft.Extensions.Options (>= 2.2)
    Microsoft.AspNetCore.Routing.Abstractions (2.2)
      Microsoft.AspNetCore.Http.Abstractions (>= 2.2)
    Microsoft.AspNetCore.SignalR (1.1)
      Microsoft.AspNetCore.Http.Connections (>= 1.1)
      Microsoft.AspNetCore.SignalR.Core (>= 1.1)
    Microsoft.AspNetCore.SignalR.Client (8.0.7)
      Microsoft.AspNetCore.Http.Connections.Client (>= 8.0.7)
      Microsoft.AspNetCore.SignalR.Client.Core (>= 8.0.7)
    Microsoft.AspNetCore.SignalR.Client.Core (8.0.7)
      Microsoft.AspNetCore.SignalR.Common (>= 8.0.7)
      Microsoft.AspNetCore.SignalR.Protocols.Json (>= 8.0.7)
      Microsoft.Extensions.DependencyInjection (>= 8.0)
      Microsoft.Extensions.Logging (>= 8.0)
      System.Threading.Channels (>= 8.0)
    Microsoft.AspNetCore.SignalR.Common (8.0.7)
      Microsoft.AspNetCore.Connections.Abstractions (>= 8.0.7)
      Microsoft.Extensions.Options (>= 8.0.2)
    Microsoft.AspNetCore.SignalR.Core (1.1)
      Microsoft.AspNetCore.Authorization (>= 2.2)
      Microsoft.AspNetCore.SignalR.Common (>= 1.1)
      Microsoft.AspNetCore.SignalR.Protocols.Json (>= 1.1)
      Microsoft.Extensions.DependencyInjection.Abstractions (>= 2.2)
      Microsoft.Extensions.Logging.Abstractions (>= 2.2)
      System.Reflection.Emit (>= 4.3)
      System.Threading.Channels (>= 4.5)
    Microsoft.AspNetCore.SignalR.Protocols.Json (8.0.7)
      Microsoft.AspNetCore.SignalR.Common (>= 8.0.7)
    Microsoft.AspNetCore.WebSockets (2.2.1)
      Microsoft.AspNetCore.Http.Extensions (>= 2.2)
      Microsoft.Extensions.Logging.Abstractions (>= 2.2)
      Microsoft.Extensions.Options (>= 2.2)
      System.Net.WebSockets.WebSocketProtocol (>= 4.5.3)
    Microsoft.AspNetCore.WebUtilities (8.0.7)
      Microsoft.Net.Http.Headers (>= 8.0.7)
      System.IO.Pipelines (>= 8.0)
    Microsoft.Extensions.Configuration (8.0)
      Microsoft.Extensions.Configuration.Abstractions (>= 8.0)
      Microsoft.Extensions.Primitives (>= 8.0)
    Microsoft.Extensions.Configuration.Abstractions (8.0)
      Microsoft.Extensions.Primitives (>= 8.0)
    Microsoft.Extensions.Configuration.Binder (8.0.2)
      Microsoft.Extensions.Configuration.Abstractions (>= 8.0)
    Microsoft.Extensions.Configuration.CommandLine (8.0)
      Microsoft.Extensions.Configuration (>= 8.0)
      Microsoft.Extensions.Configuration.Abstractions (>= 8.0)
    Microsoft.Extensions.Configuration.EnvironmentVariables (8.0)
      Microsoft.Extensions.Configuration (>= 8.0)
      Microsoft.Extensions.Configuration.Abstractions (>= 8.0)
    Microsoft.Extensions.Configuration.FileExtensions (8.0.1)
      Microsoft.Extensions.Configuration (>= 8.0)
      Microsoft.Extensions.Configuration.Abstractions (>= 8.0)
      Microsoft.Extensions.FileProviders.Abstractions (>= 8.0)
      Microsoft.Extensions.FileProviders.Physical (>= 8.0)
      Microsoft.Extensions.Primitives (>= 8.0)
    Microsoft.Extensions.Configuration.Json (8.0)
      Microsoft.Extensions.Configuration (>= 8.0)
      Microsoft.Extensions.Configuration.Abstractions (>= 8.0)
      Microsoft.Extensions.Configuration.FileExtensions (>= 8.0)
      Microsoft.Extensions.FileProviders.Abstractions (>= 8.0)
      System.Text.Json (>= 8.0)
    Microsoft.Extensions.Configuration.UserSecrets (8.0)
      Microsoft.Extensions.Configuration.Abstractions (>= 8.0)
      Microsoft.Extensions.Configuration.Json (>= 8.0)
      Microsoft.Extensions.FileProviders.Abstractions (>= 8.0)
      Microsoft.Extensions.FileProviders.Physical (>= 8.0)
    Microsoft.Extensions.DependencyInjection (8.0)
      Microsoft.Extensions.DependencyInjection.Abstractions (>= 8.0)
    Microsoft.Extensions.DependencyInjection.Abstractions (8.0.1)
    Microsoft.Extensions.DependencyModel (8.0.1)
      System.Text.Encodings.Web (>= 8.0)
      System.Text.Json (>= 8.0.4)
    Microsoft.Extensions.Diagnostics (8.0)
      Microsoft.Extensions.Configuration (>= 8.0)
      Microsoft.Extensions.Diagnostics.Abstractions (>= 8.0)
      Microsoft.Extensions.Options.ConfigurationExtensions (>= 8.0)
    Microsoft.Extensions.Diagnostics.Abstractions (8.0)
      Microsoft.Extensions.DependencyInjection.Abstractions (>= 8.0)
      Microsoft.Extensions.Options (>= 8.0)
      System.Diagnostics.DiagnosticSource (>= 8.0)
    Microsoft.Extensions.Features (8.0.7)
    Microsoft.Extensions.FileProviders.Abstractions (8.0)
      Microsoft.Extensions.Primitives (>= 8.0)
    Microsoft.Extensions.FileProviders.Physical (8.0)
      Microsoft.Extensions.FileProviders.Abstractions (>= 8.0)
      Microsoft.Extensions.FileSystemGlobbing (>= 8.0)
      Microsoft.Extensions.Primitives (>= 8.0)
    Microsoft.Extensions.FileSystemGlobbing (8.0)
    Microsoft.Extensions.Hosting (8.0)
      Microsoft.Extensions.Configuration (>= 8.0)
      Microsoft.Extensions.Configuration.Abstractions (>= 8.0)
      Microsoft.Extensions.Configuration.Binder (>= 8.0)
      Microsoft.Extensions.Configuration.CommandLine (>= 8.0)
      Microsoft.Extensions.Configuration.EnvironmentVariables (>= 8.0)
      Microsoft.Extensions.Configuration.FileExtensions (>= 8.0)
      Microsoft.Extensions.Configuration.Json (>= 8.0)
      Microsoft.Extensions.Configuration.UserSecrets (>= 8.0)
      Microsoft.Extensions.DependencyInjection (>= 8.0)
      Microsoft.Extensions.DependencyInjection.Abstractions (>= 8.0)
      Microsoft.Extensions.Diagnostics (>= 8.0)
      Microsoft.Extensions.FileProviders.Abstractions (>= 8.0)
      Microsoft.Extensions.FileProviders.Physical (>= 8.0)
      Microsoft.Extensions.Hosting.Abstractions (>= 8.0)
      Microsoft.Extensions.Logging (>= 8.0)
      Microsoft.Extensions.Logging.Abstractions (>= 8.0)
      Microsoft.Extensions.Logging.Configuration (>= 8.0)
      Microsoft.Extensions.Logging.Console (>= 8.0)
      Microsoft.Extensions.Logging.Debug (>= 8.0)
      Microsoft.Extensions.Logging.EventLog (>= 8.0)
      Microsoft.Extensions.Logging.EventSource (>= 8.0)
      Microsoft.Extensions.Options (>= 8.0)
    Microsoft.Extensions.Hosting.Abstractions (8.0)
      Microsoft.Extensions.Configuration.Abstractions (>= 8.0)
      Microsoft.Extensions.DependencyInjection.Abstractions (>= 8.0)
      Microsoft.Extensions.Diagnostics.Abstractions (>= 8.0)
      Microsoft.Extensions.FileProviders.Abstractions (>= 8.0)
      Microsoft.Extensions.Logging.Abstractions (>= 8.0)
    Microsoft.Extensions.Logging (8.0)
      Microsoft.Extensions.DependencyInjection (>= 8.0)
      Microsoft.Extensions.Logging.Abstractions (>= 8.0)
      Microsoft.Extensions.Options (>= 8.0)
    Microsoft.Extensions.Logging.Abstractions (8.0.1)
      Microsoft.Extensions.DependencyInjection.Abstractions (>= 8.0.1)
    Microsoft.Extensions.Logging.Configuration (8.0)
      Microsoft.Extensions.Configuration (>= 8.0)
      Microsoft.Extensions.Configuration.Abstractions (>= 8.0)
      Microsoft.Extensions.Configuration.Binder (>= 8.0)
      Microsoft.Extensions.DependencyInjection.Abstractions (>= 8.0)
      Microsoft.Extensions.Logging (>= 8.0)
      Microsoft.Extensions.Logging.Abstractions (>= 8.0)
      Microsoft.Extensions.Options (>= 8.0)
      Microsoft.Extensions.Options.ConfigurationExtensions (>= 8.0)
    Microsoft.Extensions.Logging.Console (8.0)
      Microsoft.Extensions.DependencyInjection.Abstractions (>= 8.0)
      Microsoft.Extensions.Logging (>= 8.0)
      Microsoft.Extensions.Logging.Abstractions (>= 8.0)
      Microsoft.Extensions.Logging.Configuration (>= 8.0)
      Microsoft.Extensions.Options (>= 8.0)
      System.Text.Json (>= 8.0)
    Microsoft.Extensions.Logging.Debug (8.0)
      Microsoft.Extensions.DependencyInjection.Abstractions (>= 8.0)
      Microsoft.Extensions.Logging (>= 8.0)
      Microsoft.Extensions.Logging.Abstractions (>= 8.0)
    Microsoft.Extensions.Logging.EventLog (8.0)
      Microsoft.Extensions.DependencyInjection.Abstractions (>= 8.0)
      Microsoft.Extensions.Logging (>= 8.0)
      Microsoft.Extensions.Logging.Abstractions (>= 8.0)
      Microsoft.Extensions.Options (>= 8.0)
      System.Diagnostics.EventLog (>= 8.0)
    Microsoft.Extensions.Logging.EventSource (8.0)
      Microsoft.Extensions.DependencyInjection.Abstractions (>= 8.0)
      Microsoft.Extensions.Logging (>= 8.0)
      Microsoft.Extensions.Logging.Abstractions (>= 8.0)
      Microsoft.Extensions.Options (>= 8.0)
      Microsoft.Extensions.Primitives (>= 8.0)
      System.Text.Json (>= 8.0)
    Microsoft.Extensions.ObjectPool (8.0.7)
    Microsoft.Extensions.Options (8.0.2)
      Microsoft.Extensions.DependencyInjection.Abstractions (>= 8.0)
      Microsoft.Extensions.Primitives (>= 8.0)
    Microsoft.Extensions.Options.ConfigurationExtensions (8.0)
      Microsoft.Extensions.Configuration.Abstractions (>= 8.0)
      Microsoft.Extensions.Configuration.Binder (>= 8.0)
      Microsoft.Extensions.DependencyInjection.Abstractions (>= 8.0)
      Microsoft.Extensions.Options (>= 8.0)
      Microsoft.Extensions.Primitives (>= 8.0)
    Microsoft.Extensions.Primitives (8.0)
    Microsoft.Net.Http.Headers (8.0.7)
      Microsoft.Extensions.Primitives (>= 8.0)
    Minimod.RxMessageBroker (0.0.1) - content: once
    Newtonsoft.Json (13.0.3)
    Serilog (4.0.1)
    Serilog.Exceptions (8.4)
      Serilog (>= 2.8)
      System.Reflection.TypeExtensions (>= 4.7)
    Serilog.Expressions (5.0)
      Serilog (>= 4.0)
    Serilog.Extensions.Hosting (8.0)
      Microsoft.Extensions.DependencyInjection.Abstractions (>= 8.0)
      Microsoft.Extensions.Hosting.Abstractions (>= 8.0)
      Microsoft.Extensions.Logging.Abstractions (>= 8.0)
      Serilog (>= 3.1.1)
      Serilog.Extensions.Logging (>= 8.0)
    Serilog.Extensions.Logging (8.0)
      Microsoft.Extensions.Logging (>= 8.0)
      Serilog (>= 3.1.1)
    Serilog.Settings.Configuration (8.0.2)
      Microsoft.Extensions.Configuration.Binder (>= 8.0)
      Microsoft.Extensions.DependencyModel (>= 8.0.1)
      Serilog (>= 3.1.1)
    Serilog.Sinks.Console (6.0)
      Serilog (>= 4.0)
    System.Buffers (4.5.1)
    System.Diagnostics.DiagnosticSource (8.0.1)
    System.Diagnostics.EventLog (8.0)
    System.IO.Pipelines (8.0)
    System.Net.WebSockets.WebSocketProtocol (5.0)
    System.Reactive (6.0.1)
    System.Reflection.Emit (4.7)
    System.Reflection.TypeExtensions (4.7)
    System.Security.Principal.Windows (5.0)
    System.Text.Encodings.Web (8.0)
    System.Text.Json (8.0.4)
      System.Text.Encodings.Web (>= 8.0)
    System.Threading.Channels (8.0)
