RESTRICTION: == net9.0
NUGET
  remote: https://api.nuget.org/v3/index.json
    Microsoft.AspNetCore.Authentication.Abstractions (2.3)
      Microsoft.AspNetCore.Http.Abstractions (>= 2.3)
      Microsoft.Extensions.Logging.Abstractions (>= 8.0.2)
      Microsoft.Extensions.Options (>= 8.0.2)
    Microsoft.AspNetCore.Authorization (9.0.7)
      Microsoft.AspNetCore.Metadata (>= 9.0.7)
      Microsoft.Extensions.Logging.Abstractions (>= 9.0.7)
      Microsoft.Extensions.Options (>= 9.0.7)
    Microsoft.AspNetCore.Authorization.Policy (2.3)
      Microsoft.AspNetCore.Authentication.Abstractions (>= 2.3)
      Microsoft.AspNetCore.Authorization (>= 2.3)
    Microsoft.AspNetCore.Connections.Abstractions (9.0.7)
      Microsoft.Extensions.Features (>= 9.0.7)
    Microsoft.AspNetCore.Hosting.Abstractions (2.3)
      Microsoft.AspNetCore.Hosting.Server.Abstractions (>= 2.3)
      Microsoft.AspNetCore.Http.Abstractions (>= 2.3)
      Microsoft.Extensions.Hosting.Abstractions (>= 8.0.1)
    Microsoft.AspNetCore.Hosting.Server.Abstractions (2.3)
      Microsoft.AspNetCore.Http.Features (>= 2.3)
      Microsoft.Extensions.Configuration.Abstractions (>= 8.0)
    Microsoft.AspNetCore.Http (2.3)
      Microsoft.AspNetCore.Http.Abstractions (>= 2.3)
      Microsoft.AspNetCore.WebUtilities (>= 2.3)
      Microsoft.Extensions.ObjectPool (>= 8.0.11)
      Microsoft.Extensions.Options (>= 8.0.2)
      Microsoft.Net.Http.Headers (>= 2.3)
    Microsoft.AspNetCore.Http.Abstractions (2.3)
      Microsoft.AspNetCore.Http.Features (>= 2.3)
      System.Text.Encodings.Web (>= 8.0)
    Microsoft.AspNetCore.Http.Connections (1.2)
      Microsoft.AspNetCore.Authorization.Policy (>= 2.3)
      Microsoft.AspNetCore.Hosting.Abstractions (>= 2.3)
      Microsoft.AspNetCore.Http (>= 2.3)
      Microsoft.AspNetCore.Http.Connections.Common (>= 1.2)
      Microsoft.AspNetCore.Routing (>= 2.3)
      Microsoft.AspNetCore.WebSockets (>= 2.3)
      Newtonsoft.Json (>= 11.0.2)
      System.Net.WebSockets.WebSocketProtocol (>= 5.1)
    Microsoft.AspNetCore.Http.Connections.Client (9.0.7)
      Microsoft.AspNetCore.Http.Connections.Common (>= 9.0.7)
      Microsoft.Extensions.Logging.Abstractions (>= 9.0.7)
      Microsoft.Extensions.Options (>= 9.0.7)
      System.Net.ServerSentEvents (>= 9.0.7)
    Microsoft.AspNetCore.Http.Connections.Common (9.0.7)
      Microsoft.AspNetCore.Connections.Abstractions (>= 9.0.7)
    Microsoft.AspNetCore.Http.Extensions (2.3)
      Microsoft.AspNetCore.Http.Abstractions (>= 2.3)
      Microsoft.Extensions.FileProviders.Abstractions (>= 8.0)
      Microsoft.Net.Http.Headers (>= 2.3)
      System.Buffers (>= 4.6)
    Microsoft.AspNetCore.Http.Features (5.0.17)
      Microsoft.Extensions.Primitives (>= 5.0.1)
      System.IO.Pipelines (>= 5.0.2)
    Microsoft.AspNetCore.Metadata (9.0.7)
    Microsoft.AspNetCore.Routing (2.3)
      Microsoft.AspNetCore.Http.Extensions (>= 2.3)
      Microsoft.AspNetCore.Routing.Abstractions (>= 2.3)
      Microsoft.Extensions.Logging.Abstractions (>= 8.0.2)
      Microsoft.Extensions.ObjectPool (>= 8.0.11)
      Microsoft.Extensions.Options (>= 8.0.2)
    Microsoft.AspNetCore.Routing.Abstractions (2.3)
      Microsoft.AspNetCore.Http.Abstractions (>= 2.3)
    Microsoft.AspNetCore.SignalR (1.2)
      Microsoft.AspNetCore.Http.Connections (>= 1.2)
      Microsoft.AspNetCore.SignalR.Core (>= 1.2)
      Microsoft.AspNetCore.WebSockets (>= 2.3)
      System.IO.Pipelines (>= 8.0)
    Microsoft.AspNetCore.SignalR.Client (9.0.7)
      Microsoft.AspNetCore.Http.Connections.Client (>= 9.0.7)
      Microsoft.AspNetCore.SignalR.Client.Core (>= 9.0.7)
    Microsoft.AspNetCore.SignalR.Client.Core (9.0.7)
      Microsoft.AspNetCore.SignalR.Common (>= 9.0.7)
      Microsoft.AspNetCore.SignalR.Protocols.Json (>= 9.0.7)
      Microsoft.Extensions.DependencyInjection (>= 9.0.7)
      Microsoft.Extensions.Logging (>= 9.0.7)
      System.Threading.Channels (>= 9.0.7)
    Microsoft.AspNetCore.SignalR.Common (9.0.7)
      Microsoft.AspNetCore.Connections.Abstractions (>= 9.0.7)
      Microsoft.Extensions.Options (>= 9.0.7)
    Microsoft.AspNetCore.SignalR.Core (1.2)
      Microsoft.AspNetCore.Authorization (>= 2.3)
      Microsoft.AspNetCore.SignalR.Common (>= 1.2)
      Microsoft.AspNetCore.SignalR.Protocols.Json (>= 1.2)
      Microsoft.Extensions.DependencyInjection.Abstractions (>= 8.0.2)
      Microsoft.Extensions.Logging.Abstractions (>= 8.0.2)
      System.IO.Pipelines (>= 8.0)
      System.Reflection.Emit (>= 4.7)
      System.Threading.Channels (>= 8.0)
    Microsoft.AspNetCore.SignalR.Protocols.Json (9.0.7)
      Microsoft.AspNetCore.SignalR.Common (>= 9.0.7)
    Microsoft.AspNetCore.WebSockets (2.3)
      Microsoft.AspNetCore.Http.Extensions (>= 2.3)
      Microsoft.Extensions.Options (>= 8.0.2)
      System.Net.WebSockets.WebSocketProtocol (>= 5.1)
    Microsoft.AspNetCore.WebUtilities (9.0.7)
      Microsoft.Net.Http.Headers (>= 9.0.7)
    Microsoft.Extensions.Configuration (9.0.7)
      Microsoft.Extensions.Configuration.Abstractions (>= 9.0.7)
      Microsoft.Extensions.Primitives (>= 9.0.7)
    Microsoft.Extensions.Configuration.Abstractions (9.0.7)
      Microsoft.Extensions.Primitives (>= 9.0.7)
    Microsoft.Extensions.Configuration.Binder (9.0.7)
      Microsoft.Extensions.Configuration.Abstractions (>= 9.0.7)
    Microsoft.Extensions.Configuration.CommandLine (9.0.7)
      Microsoft.Extensions.Configuration (>= 9.0.7)
      Microsoft.Extensions.Configuration.Abstractions (>= 9.0.7)
    Microsoft.Extensions.Configuration.EnvironmentVariables (9.0.7)
      Microsoft.Extensions.Configuration (>= 9.0.7)
      Microsoft.Extensions.Configuration.Abstractions (>= 9.0.7)
    Microsoft.Extensions.Configuration.FileExtensions (9.0.7)
      Microsoft.Extensions.Configuration (>= 9.0.7)
      Microsoft.Extensions.Configuration.Abstractions (>= 9.0.7)
      Microsoft.Extensions.FileProviders.Abstractions (>= 9.0.7)
      Microsoft.Extensions.FileProviders.Physical (>= 9.0.7)
      Microsoft.Extensions.Primitives (>= 9.0.7)
    Microsoft.Extensions.Configuration.Json (9.0.7)
      Microsoft.Extensions.Configuration (>= 9.0.7)
      Microsoft.Extensions.Configuration.Abstractions (>= 9.0.7)
      Microsoft.Extensions.Configuration.FileExtensions (>= 9.0.7)
      Microsoft.Extensions.FileProviders.Abstractions (>= 9.0.7)
    Microsoft.Extensions.Configuration.UserSecrets (9.0.7)
      Microsoft.Extensions.Configuration.Abstractions (>= 9.0.7)
      Microsoft.Extensions.Configuration.Json (>= 9.0.7)
      Microsoft.Extensions.FileProviders.Abstractions (>= 9.0.7)
      Microsoft.Extensions.FileProviders.Physical (>= 9.0.7)
    Microsoft.Extensions.DependencyInjection (9.0.7)
      Microsoft.Extensions.DependencyInjection.Abstractions (>= 9.0.7)
    Microsoft.Extensions.DependencyInjection.Abstractions (9.0.7)
    Microsoft.Extensions.DependencyModel (9.0.7)
    Microsoft.Extensions.Diagnostics (9.0.7)
      Microsoft.Extensions.Configuration (>= 9.0.7)
      Microsoft.Extensions.Diagnostics.Abstractions (>= 9.0.7)
      Microsoft.Extensions.Options.ConfigurationExtensions (>= 9.0.7)
    Microsoft.Extensions.Diagnostics.Abstractions (9.0.7)
      Microsoft.Extensions.DependencyInjection.Abstractions (>= 9.0.7)
      Microsoft.Extensions.Options (>= 9.0.7)
    Microsoft.Extensions.Features (9.0.7)
    Microsoft.Extensions.FileProviders.Abstractions (9.0.7)
      Microsoft.Extensions.Primitives (>= 9.0.7)
    Microsoft.Extensions.FileProviders.Physical (9.0.7)
      Microsoft.Extensions.FileProviders.Abstractions (>= 9.0.7)
      Microsoft.Extensions.FileSystemGlobbing (>= 9.0.7)
      Microsoft.Extensions.Primitives (>= 9.0.7)
    Microsoft.Extensions.FileSystemGlobbing (9.0.7)
    Microsoft.Extensions.Hosting (9.0.7)
      Microsoft.Extensions.Configuration (>= 9.0.7)
      Microsoft.Extensions.Configuration.Abstractions (>= 9.0.7)
      Microsoft.Extensions.Configuration.Binder (>= 9.0.7)
      Microsoft.Extensions.Configuration.CommandLine (>= 9.0.7)
      Microsoft.Extensions.Configuration.EnvironmentVariables (>= 9.0.7)
      Microsoft.Extensions.Configuration.FileExtensions (>= 9.0.7)
      Microsoft.Extensions.Configuration.Json (>= 9.0.7)
      Microsoft.Extensions.Configuration.UserSecrets (>= 9.0.7)
      Microsoft.Extensions.DependencyInjection (>= 9.0.7)
      Microsoft.Extensions.DependencyInjection.Abstractions (>= 9.0.7)
      Microsoft.Extensions.Diagnostics (>= 9.0.7)
      Microsoft.Extensions.FileProviders.Abstractions (>= 9.0.7)
      Microsoft.Extensions.FileProviders.Physical (>= 9.0.7)
      Microsoft.Extensions.Hosting.Abstractions (>= 9.0.7)
      Microsoft.Extensions.Logging (>= 9.0.7)
      Microsoft.Extensions.Logging.Abstractions (>= 9.0.7)
      Microsoft.Extensions.Logging.Configuration (>= 9.0.7)
      Microsoft.Extensions.Logging.Console (>= 9.0.7)
      Microsoft.Extensions.Logging.Debug (>= 9.0.7)
      Microsoft.Extensions.Logging.EventLog (>= 9.0.7)
      Microsoft.Extensions.Logging.EventSource (>= 9.0.7)
      Microsoft.Extensions.Options (>= 9.0.7)
    Microsoft.Extensions.Hosting.Abstractions (9.0.7)
      Microsoft.Extensions.Configuration.Abstractions (>= 9.0.7)
      Microsoft.Extensions.DependencyInjection.Abstractions (>= 9.0.7)
      Microsoft.Extensions.Diagnostics.Abstractions (>= 9.0.7)
      Microsoft.Extensions.FileProviders.Abstractions (>= 9.0.7)
      Microsoft.Extensions.Logging.Abstractions (>= 9.0.7)
    Microsoft.Extensions.Logging (9.0.7)
      Microsoft.Extensions.DependencyInjection (>= 9.0.7)
      Microsoft.Extensions.Logging.Abstractions (>= 9.0.7)
      Microsoft.Extensions.Options (>= 9.0.7)
    Microsoft.Extensions.Logging.Abstractions (9.0.7)
      Microsoft.Extensions.DependencyInjection.Abstractions (>= 9.0.7)
    Microsoft.Extensions.Logging.Configuration (9.0.7)
      Microsoft.Extensions.Configuration (>= 9.0.7)
      Microsoft.Extensions.Configuration.Abstractions (>= 9.0.7)
      Microsoft.Extensions.Configuration.Binder (>= 9.0.7)
      Microsoft.Extensions.DependencyInjection.Abstractions (>= 9.0.7)
      Microsoft.Extensions.Logging (>= 9.0.7)
      Microsoft.Extensions.Logging.Abstractions (>= 9.0.7)
      Microsoft.Extensions.Options (>= 9.0.7)
      Microsoft.Extensions.Options.ConfigurationExtensions (>= 9.0.7)
    Microsoft.Extensions.Logging.Console (9.0.7)
      Microsoft.Extensions.DependencyInjection.Abstractions (>= 9.0.7)
      Microsoft.Extensions.Logging (>= 9.0.7)
      Microsoft.Extensions.Logging.Abstractions (>= 9.0.7)
      Microsoft.Extensions.Logging.Configuration (>= 9.0.7)
      Microsoft.Extensions.Options (>= 9.0.7)
    Microsoft.Extensions.Logging.Debug (9.0.7)
      Microsoft.Extensions.DependencyInjection.Abstractions (>= 9.0.7)
      Microsoft.Extensions.Logging (>= 9.0.7)
      Microsoft.Extensions.Logging.Abstractions (>= 9.0.7)
    Microsoft.Extensions.Logging.EventLog (9.0.7)
      Microsoft.Extensions.DependencyInjection.Abstractions (>= 9.0.7)
      Microsoft.Extensions.Logging (>= 9.0.7)
      Microsoft.Extensions.Logging.Abstractions (>= 9.0.7)
      Microsoft.Extensions.Options (>= 9.0.7)
      System.Diagnostics.EventLog (>= 9.0.7)
    Microsoft.Extensions.Logging.EventSource (9.0.7)
      Microsoft.Extensions.DependencyInjection.Abstractions (>= 9.0.7)
      Microsoft.Extensions.Logging (>= 9.0.7)
      Microsoft.Extensions.Logging.Abstractions (>= 9.0.7)
      Microsoft.Extensions.Options (>= 9.0.7)
      Microsoft.Extensions.Primitives (>= 9.0.7)
    Microsoft.Extensions.ObjectPool (9.0.7)
    Microsoft.Extensions.Options (9.0.7)
      Microsoft.Extensions.DependencyInjection.Abstractions (>= 9.0.7)
      Microsoft.Extensions.Primitives (>= 9.0.7)
    Microsoft.Extensions.Options.ConfigurationExtensions (9.0.7)
      Microsoft.Extensions.Configuration.Abstractions (>= 9.0.7)
      Microsoft.Extensions.Configuration.Binder (>= 9.0.7)
      Microsoft.Extensions.DependencyInjection.Abstractions (>= 9.0.7)
      Microsoft.Extensions.Options (>= 9.0.7)
      Microsoft.Extensions.Primitives (>= 9.0.7)
    Microsoft.Extensions.Primitives (9.0.7)
    Microsoft.Net.Http.Headers (9.0.7)
      Microsoft.Extensions.Primitives (>= 9.0.7)
    Minimod.RxMessageBroker (0.0.1) - content: once
    Newtonsoft.Json (13.0.3)
    Serilog (4.3)
    Serilog.Exceptions (8.4)
      Serilog (>= 2.8)
      System.Reflection.TypeExtensions (>= 4.7)
    Serilog.Expressions (5.0)
      Serilog (>= 4.0)
    Serilog.Extensions.Hosting (9.0)
      Microsoft.Extensions.DependencyInjection.Abstractions (>= 9.0)
      Microsoft.Extensions.Hosting.Abstractions (>= 9.0)
      Microsoft.Extensions.Logging.Abstractions (>= 9.0)
      Serilog (>= 4.2)
      Serilog.Extensions.Logging (>= 9.0)
    Serilog.Extensions.Logging (9.0.2)
      Microsoft.Extensions.Logging (>= 9.0)
      Serilog (>= 4.2)
    Serilog.Settings.Configuration (9.0)
      Microsoft.Extensions.Configuration.Binder (>= 9.0)
      Microsoft.Extensions.DependencyModel (>= 9.0)
      Serilog (>= 4.2)
    Serilog.Sinks.Console (6.0)
      Serilog (>= 4.0)
    System.Buffers (4.6.1)
    System.Diagnostics.EventLog (9.0.7)
    System.IO.Pipelines (9.0.7)
    System.Net.ServerSentEvents (9.0.7)
    System.Net.WebSockets.WebSocketProtocol (5.1.3)
    System.Reactive (6.0.1)
    System.Reflection.Emit (4.7)
    System.Reflection.TypeExtensions (4.7)
    System.Text.Encodings.Web (9.0.7)
    System.Threading.Channels (9.0.7)
